GEM
  remote: https://rubygems.org/
  specs:
    asciidoctor (1.5.1)
    filewatcher (0.3.5)
      trollop (~> 2.0)
    haml (4.0.5)
      tilt
    rake (10.3.2)
    thread_safe (0.3.4)
    tilt (2.0.1)
    trollop (2.0)

PLATFORMS
  ruby

DEPENDENCIES
  asciidoctor
  filewatcher
  haml
  rake
  thread_safe
  tilt
